GEM
  specs:
    actionpack (2.3.9)
      activesupport (= 2.3.9)
      rack (~> 1.1.0)
    activerecord (2.3.9)
      activesupport (= 2.3.9)
    activesupport (2.3.9)
    rack (1.1.0)
    rake (0.8.7)
    sqlite3-ruby (1.3.1)

PLATFORMS
  ruby

DEPENDENCIES
  actionpack (~> 2.3.9)
  activerecord (~> 2.3.9)
  activesupport (~> 2.3.9)
  rake
  sqlite3-ruby
